GEM
  remote: http://rubygems.org/
  specs:
    actionmailer (2.3.2)
      actionpack (= 2.3.2)
    actionpack (2.3.2)
      activesupport (= 2.3.2)
    activerecord (2.3.2)
      activesupport (= 2.3.2)
    activeresource (2.3.2)
      activesupport (= 2.3.2)
    activesupport (2.3.2)
    builder (2.1.2)
    crack (0.1.8)
    httparty (0.7.5)
      crack (= 0.1.8)
      crack (= 0.1.8)
      httparty
    mocha (0.9.12)
    rails (2.3.2)
      actionmailer (= 2.3.2)
      actionpack (= 2.3.2)
      activerecord (= 2.3.2)
      activeresource (= 2.3.2)
      activesupport (= 2.3.2)
      rake (>= 0.8.3)
    rake (0.8.7)
    twilio (3.0.1)
      builder (~> 2.1.2)
      httparty (~> 0.7.4)
    xml-simple (1.0.15)

PLATFORMS
  ruby

DEPENDENCIES
  mocha
  rails (= 2.3.2)
  twilio
  xml-simple
